GEM
  remote: http://rubygems.org/
  specs:
    cinch (2.3.2)
    rack (2.0.1)

PLATFORMS
  ruby

DEPENDENCIES
  cinch
  rack

BUNDLED WITH
   1.12.5
